GEM
  remote: https://rubygems.org/
  specs:
    artoo (1.8.0)
      celluloid (>= 0.16.0.pre)
      celluloid-io (>= 0.16.0.pre)
      http (~> 0.6.1)
      multi_json (~> 1.10.1)
      pry (~> 0.9.0)
      rake
      reel (~> 0.5.0)
      robeaux (= 0.2.0)
      thor (~> 0.19.1)
    artoo-ardrone (1.4.0)
      artoo (>= 1.6.0)
      hybridgroup-argus (>= 0.5.0)
    artoo-opencv (0.1.0)
      artoo (>= 1.6.0)
      ruby-opencv (>= 0.0.12)
    celluloid (0.17.1.1)
      bundler
      celluloid-essentials
      celluloid-extras
      celluloid-fsm
      celluloid-pool
      celluloid-supervision
      dotenv
      nenv
      rspec-logsplit (>= 0.1.2)
      timers (~> 4.0.0)
    celluloid-essentials (0.20.2)
      bundler
      dotenv
      nenv
      rspec-logsplit (>= 0.1.2)
      timers (~> 4.0.0)
    celluloid-extras (0.20.0)
      bundler
      dotenv
      nenv
      rspec-logsplit (>= 0.1.2)
      timers (~> 4.0.0)
    celluloid-fsm (0.20.0)
      bundler
      dotenv
      nenv
      rspec-logsplit (>= 0.1.2)
      timers (~> 4.0.0)
    celluloid-io (0.17.0)
      bundler
      celluloid (~> 0.17)
      dotenv
      nenv
      nio4r (>= 1.1)
      rspec-logsplit (>= 0.1.2)
      timers (~> 4.0.0)
    celluloid-pool (0.20.0)
      bundler
      dotenv
      nenv
      rspec-logsplit (>= 0.1.2)
      timers (~> 4.0.0)
    celluloid-supervision (0.20.1)
      bundler
      dotenv
      nenv
      rspec-logsplit (>= 0.1.2)
      timers (~> 4.0.0)
    coderay (1.1.0)
    dotenv (2.0.2)
    ffi (1.9.10-java)
    hitimes (1.2.2)
    hitimes (1.2.2-java)
    http (0.6.4)
      http_parser.rb (~> 0.6.0)
    http_parser.rb (0.6.0)
    http_parser.rb (0.6.0-java)
    hybridgroup-argus (0.5.1)
    method_source (0.8.2)
    multi_json (1.10.1)
    nenv (0.2.0)
    nio4r (1.1.1)
    nio4r (1.1.1-java)
    pry (0.9.12.6)
      coderay (~> 1.0)
      method_source (~> 0.8)
      slop (~> 3.4)
    pry (0.9.12.6-java)
      coderay (~> 1.0)
      method_source (~> 0.8)
      slop (~> 3.4)
      spoon (~> 0.0)
    rake (10.4.2)
    reel (0.5.0)
      celluloid (>= 0.15.1)
      celluloid-io (>= 0.15.0)
      http (>= 0.6.0.pre)
      http_parser.rb (>= 0.6.0)
      websocket_parser (>= 0.1.6)
    robeaux (0.2.0)
    rspec-logsplit (0.1.3)
    ruby-opencv (0.0.14)
    slop (3.6.0)
    spoon (0.0.4)
      ffi
    thor (0.19.1)
    timers (4.0.1)
      hitimes
    websocket_parser (1.0.0)

PLATFORMS
  java
  ruby

DEPENDENCIES
  artoo
  artoo-ardrone
  artoo-opencv
  pry
